PATH
  remote: .
  specs:
    evergreen (0.3.0)
      capybara (>= 0.3.9)
      json_pure (>= 1.0.0)
      launchy (>= 0.3.5)
      sinatra (>= 1.0)

GEM
  remote: http://rubygems.org/
  specs:
    akephalos (0.2.4)
      capybara (~> 0.3.8)
      jruby-jars
    capybara (0.3.9)
      culerity (>= 0.2.4)
      mime-types (>= 1.16)
      nokogiri (>= 1.3.3)
      rack (>= 1.0.0)
      rack-test (>= 0.5.4)
      selenium-webdriver (>= 0.0.3)
    capybara-envjs (0.1.6)
      capybara (>= 0.3.9)
      envjs (>= 0.3.7)
    configuration (1.1.0)
    culerity (0.2.10)
    diff-lcs (1.1.2)
    envjs (0.3.8)
      johnson (>= 2.0.0.pre3)
    ffi (0.6.3)
      rake (>= 0.8.7)
    johnson (2.0.0.pre3)
      stackdeck (~> 0.2)
    jruby-jars (1.5.3)
    json_pure (1.4.3)
    launchy (0.3.7)
      configuration (>= 0.0.5)
      rake (>= 0.8.1)
    mime-types (1.16)
    nokogiri (1.4.3.1)
    rack (1.2.1)
    rack-test (0.5.4)
      rack (>= 1.0)
    rake (0.8.7)
    rspec (2.0.0)
      rspec-core (= 2.0.0)
      rspec-expectations (= 2.0.0)
      rspec-mocks (= 2.0.0)
    rspec-core (2.0.0)
    rspec-expectations (2.0.0)
      diff-lcs (>= 1.1.2)
    rspec-mocks (2.0.0)
      rspec-core (= 2.0.0)
      rspec-expectations (= 2.0.0)
    rubyzip (0.9.4)
    selenium-webdriver (0.0.27)
      ffi (>= 0.6.1)
      json_pure
      rubyzip
    sinatra (1.0)
      rack (>= 1.0)
    stackdeck (0.2.0)

PLATFORMS
  ruby

DEPENDENCIES
  akephalos (>= 0.2.4)
  capybara (>= 0.3.9)
  capybara-envjs (>= 0.1.6)
  evergreen!
  json_pure (>= 1.0.0)
  launchy (>= 0.3.5)
  rspec (~> 2.0)
  sinatra (>= 1.0)
