PATH
  remote: .
  specs:
    evergreen (0.2.2)
      capybara (>= 0.3.9)
      json_pure (>= 1.0.0)
      launchy (>= 0.3.5)
      sinatra (>= 1.0)

GEM
  remote: http://rubygems.org/
  specs:
    capybara (0.3.9)
      culerity (>= 0.2.4)
      mime-types (>= 1.16)
      nokogiri (>= 1.3.3)
      rack (>= 1.0.0)
      rack-test (>= 0.5.4)
      selenium-webdriver (>= 0.0.3)
    cgi_multipart_eof_fix (2.5.0)
    configuration (1.1.0)
    culerity (0.2.10)
    daemons (1.1.0)
    diff-lcs (1.1.2)
    fastthread (1.0.7)
    ffi (0.6.3)
      rake (>= 0.8.7)
    gem_plugin (0.2.3)
    json_pure (1.4.3)
    launchy (0.3.7)
      configuration (>= 0.0.5)
      rake (>= 0.8.1)
    mime-types (1.16)
    mongrel (1.1.5)
      cgi_multipart_eof_fix (>= 2.4)
      daemons (>= 1.0.3)
      fastthread (>= 1.0.1)
      gem_plugin (>= 0.2.3)
    nokogiri (1.4.3.1)
    rack (1.2.1)
    rack-test (0.5.4)
      rack (>= 1.0)
    rake (0.8.7)
    rspec (2.0.0.beta.19)
      rspec-core (= 2.0.0.beta.19)
      rspec-expectations (= 2.0.0.beta.19)
      rspec-mocks (= 2.0.0.beta.19)
    rspec-core (2.0.0.beta.19)
    rspec-expectations (2.0.0.beta.19)
      diff-lcs (>= 1.1.2)
    rspec-mocks (2.0.0.beta.19)
    rubyzip (0.9.4)
    selenium-webdriver (0.0.27)
      ffi (>= 0.6.1)
      json_pure
      rubyzip
    sinatra (1.0)
      rack (>= 1.0)

PLATFORMS
  ruby

DEPENDENCIES
  capybara (>= 0.3.9)
  evergreen!
  json_pure (>= 1.0.0)
  launchy (>= 0.3.5)
  mongrel
  rspec (>= 2.0.0.beta.15)
  sinatra (>= 1.0)
